NUGET
  remote: ../../../dist
    Mason.Targets.Packager (0.1.1.3)
    Mason.Targets.Preprocessor (0.1.1.3)
    Mason.Targets.Verman (0.1.1.4)
