NUGET
  remote: https://www.nuget.org/api/v2
    Kajabity.Tools (0.4.6248.39967)

GROUP Build
NUGET
  remote: ../../../dist
    Mason.Targets.Packager (0.1.1.26)
    Mason.Targets.Preprocessor (0.1.1.13)
    Mason.Targets.Verman (0.1.1.13)
