NUGET
  remote: ../../../dist
    Mason.Core (0.1.1.7)

GROUP build
NUGET
  remote: ../../../dist
    Mason.Targets.Preprocessor (0.1.1.13)
    Mason.Targets.Verman (0.1.1.13)
