NUGET
  remote: ../../../dist
    Mason.Targets.Packager (0.1.1.9)
    Mason.Targets.Preprocessor (0.1.1.6)
    Mason.Targets.Verman (0.1.1.8)
