NUGET
  remote: ../../../dist
    Mason.Targets.Packager (0.1.1.26)
    Mason.Targets.Preprocessor (0.1.1.12)
    Mason.Targets.Verman (0.1.1.12)
