NUGET
  remote: ../../dist
    Mason.Targets.Preprocessor (0.1.1.5)
    Mason.Targets.Verman (0.1.1.6)
